GEM
  remote: https://rubygems.org/
  specs:
    diff-lcs (1.2.5)
    extlib (0.9.16)
    highline (1.7.8)
    rack (1.6.4)
    rack-protection (1.5.3)
      rack
    rspec-sinatra (0.1.2)
      templater (>= 1.0.0)
    sinatra (1.4.7)
      rack (~> 1.5)
      rack-protection (~> 1.4)
      tilt (>= 1.3, < 3)
    templater (1.0.0)
      diff-lcs (>= 1.1.2)
      extlib (>= 0.9.5)
      highline (>= 1.4.0)
    tilt (2.0.5)

PLATFORMS
  ruby

DEPENDENCIES
  rspec-sinatra
  sinatra

BUNDLED WITH
   1.13.6
